GIT
  remote: git://github.com/distler/maruku.git
  revision: c67cc8375dd70bae30d7277dc54ccba04802b316
  branch: nokogiri
  specs:
    maruku (0.7.3.beta1)
      itextomml (>= 1.5.0)
      nokogiri (~> 1.5, >= 1.5.6)
      syntax (~> 1.1.0)

GEM
  remote: http://rubygems.org/
  specs:
    RedCloth (4.3.2)
    abstract (1.0.0)
    daemons (1.2.4)
    erubis (2.7.0)
    eventmachine (1.2.0.1-x86-mingw32)
    file_signature (1.2.0)
    iconv (1.0.4)
    itextomml (1.5.4)
    json (1.8.3)
    mini_portile2 (2.1.0)
    nokogiri (1.6.8-x86-mingw32)
      mini_portile2 (~> 2.1.0)
      pkg-config (~> 1.1.7)
    pkg-config (1.1.7)
    rack (1.4.5)
    rails_xss (0.4.0)
    rake (10.4.2)
    rdoc (4.2.2)
      json (~> 1.4)
    rubyzip (0.9.9)
    syntax (1.1.0)
    test-unit (2.5.5)
    thin (1.7.0)
      daemons (~> 1.0, >= 1.0.9)
      eventmachine (~> 1.0, >= 1.0.4)
      rack (>= 1, < 3)

PLATFORMS
  x86-mingw32

DEPENDENCIES
  RedCloth (>= 4.0.0)
  abstract (~> 1.0.0)
  erubis
  file_signature (~> 1.2.0)
  iconv
  itextomml (>= 1.5.4)
  json
  maruku!
  nokogiri (~> 1.6.8)
  rack (= 1.4.5)
  rails_xss (~> 0.4.0)
  rake (~> 10.4.0)
  rdoc
  rdoc-data
  rubyzip (~> 0.9.9)
  syntax (~> 1.1.0)
  test-unit (~> 2.5.5)
  thin

BUNDLED WITH
   1.13.1
